GEM
  remote: https://rubygems.org/
  specs:
    diff-lcs (1.2.5)
    facter (1.7.6)
    hiera (1.3.4)
      json_pure
    json_pure (1.8.3)
    metaclass (0.0.4)
    mocha (1.1.0)
      metaclass (~> 0.0.1)
    puppet (3.3.2)
      facter (~> 1.6)
      hiera (~> 1.0)
      rgen (~> 0.6.5)
    puppetlabs_spec_helper (0.4.1)
      mocha (>= 0.10.5)
      rake
      rspec (>= 2.9.0)
      rspec-puppet (>= 0.1.1)
    rake (11.1.2)
    rgen (0.6.6)
    rspec (3.4.0)
      rspec-core (~> 3.4.0)
      rspec-expectations (~> 3.4.0)
      rspec-mocks (~> 3.4.0)
    rspec-core (3.4.4)
      rspec-support (~> 3.4.0)
    rspec-expectations (3.4.0)
      diff-lcs (>= 1.2.0, < 2.0)
      rspec-support (~> 3.4.0)
    rspec-mocks (3.4.1)
      diff-lcs (>= 1.2.0, < 2.0)
      rspec-support (~> 3.4.0)
    rspec-puppet (2.4.0)
      rspec
    rspec-support (3.4.1)

PLATFORMS
  ruby

DEPENDENCIES
  puppet (~> 3.3.2)
  puppetlabs_spec_helper (~> 0.4.1)

BUNDLED WITH
   1.10.0
